GEM
  remote: https://rubygems.org/
  specs:
    coderay (1.1.3)
    date (3.1.3)
    diff-lcs (1.5.0)
    digest (3.0.0)
    faraday (2.2.0)
      faraday-net_http (~> 2.0)
      ruby2_keywords (>= 0.0.4)
    faraday-net_http (2.0.1)
    method_source (1.0.0)
    pry (0.14.1)
      coderay (~> 1.1)
      method_source (~> 1.0)
    rspec (3.11.0)
      rspec-core (~> 3.11.0)
      rspec-expectations (~> 3.11.0)
      rspec-mocks (~> 3.11.0)
    rspec-core (3.11.0)
      rspec-support (~> 3.11.0)
    rspec-expectations (3.11.0)
      diff-lcs (>= 1.2.0, < 2.0)
      rspec-support (~> 3.11.0)
    rspec-mocks (3.11.0)
      diff-lcs (>= 1.2.0, < 2.0)
      rspec-support (~> 3.11.0)
    rspec-support (3.11.0)
    ruby2_keywords (0.0.5)
    sqlite3 (1.4.2)
    time (0.1.0)
      date

PLATFORMS
  x86_64-linux

DEPENDENCIES
  digest
  faraday
  pry
  rspec
  sqlite3
  time

BUNDLED WITH
   2.2.32
